PATH
  remote: .
  specs:
    geojson-diff (0.0.1)
      diffy (~> 3.0)
      ffi-geos (~> 0.5)
      rgeo (~> 0.3)
      rgeo-geojson (~> 0.2)

GEM
  remote: https://rubygems.org/
  specs:
    coderay (1.1.0)
    diffy (3.0.4)
    ffi (1.9.3)
    ffi-geos (0.5.0)
      ffi (>= 1.0.0)
    metaclass (0.0.4)
    method_source (0.8.2)
    mocha (1.0.0)
      metaclass (~> 0.0.1)
    pry (0.9.12.6)
      coderay (~> 1.0)
      method_source (~> 0.8)
      slop (~> 3.4)
    rake (10.3.1)
    rgeo (0.3.20)
    rgeo-geojson (0.2.3)
      rgeo (>= 0.3.7)
    slop (3.5.0)

PLATFORMS
  ruby

DEPENDENCIES
  bundler (~> 1.5)
  geojson-diff!
  mocha (~> 1.0)
  pry (~> 0.9)
  rake (~> 10.3)
